GEM
  remote: https://rubygems.org/
  specs:
    agent_fix (0.1.1)
      anticipate
      cucumber (~> 1.3)
      fix_spec (~> 0.1)
      quickfix-jruby (~> 1.5.4)
    agent_zmq (0.5.0)
      ffi-rzmq (~> 0.9.3)
      rspec (~> 2.14)
    anticipate (0.1.1)
    builder (3.2.2)
    cucumber (1.3.10)
      builder (>= 2.1.2)
      diff-lcs (>= 1.1.3)
      gherkin (~> 2.12)
      multi_json (>= 1.7.5, < 2.0)
      multi_test (>= 0.0.2)
    cuke_mem (0.1.1)
      cucumber (~> 1.3)
    diff-lcs (1.2.5)
    ffi (1.9.3-java)
    ffi-rzmq (0.9.7)
      ffi
    fix_spec (0.2.1)
      cuke_mem (~> 0.1.1)
      json_spec (~> 1.1.1)
      quickfix-jruby (~> 1.5.3)
    gherkin (2.12.2-java)
      multi_json (~> 1.3)
    json_spec (1.1.1)
      multi_json (~> 1.0)
      rspec (~> 2.0)
    macaddr (1.6.1)
      systemu (~> 2.5.0)
    multi_json (1.8.2)
    multi_test (0.0.2)
    protobuf_spec (0.3.1)
      cuke_mem (~> 0.1.1)
      json_spec (~> 1.1.1)
      ruby_protobuf (~> 0.4.11)
    quickfix-jruby (1.5.4-java)
    rspec (2.14.1)
      rspec-core (~> 2.14.0)
      rspec-expectations (~> 2.14.0)
      rspec-mocks (~> 2.14.0)
    rspec-core (2.14.7)
    rspec-expectations (2.14.4)
      diff-lcs (>= 1.1.3, < 2.0)
    rspec-mocks (2.14.4)
    ruby_protobuf (0.4.11)
    systemu (2.5.2)
    uuid (2.3.7)
      macaddr (~> 1.0)

PLATFORMS
  java

DEPENDENCIES
  agent_fix
  agent_zmq
  cucumber
  cuke_mem
  fix_spec
  protobuf_spec
  uuid
